GIT
  remote: git://github.com/DouweM/http_accept_language.git
  revision: fa57cfbf8203964d01cdb1866f63a7c6bb6356bc
  branch: no-middleware-no-crash
  specs:
    http_accept_language (2.0.0.pre)

GEM
  remote: https://rubygems.org/
  specs:
    actionmailer (4.0.1)
      actionpack (= 4.0.1)
      mail (~> 2.5.4)
    actionpack (4.0.1)
      activesupport (= 4.0.1)
      builder (~> 3.1.0)
      erubis (~> 2.7.0)
      rack (~> 1.5.2)
      rack-test (~> 0.6.2)
    activemodel (4.0.1)
      activesupport (= 4.0.1)
      builder (~> 3.1.0)
    activerecord (4.0.1)
      activemodel (= 4.0.1)
      activerecord-deprecated_finders (~> 1.0.2)
      activesupport (= 4.0.1)
      arel (~> 4.0.0)
    activerecord-deprecated_finders (1.0.3)
    activesupport (4.0.1)
      i18n (~> 0.6, >= 0.6.4)
      minitest (~> 4.2)
      multi_json (~> 1.3)
      thread_safe (~> 0.1)
      tzinfo (~> 0.3.37)
    arel (4.0.1)
    atomic (1.1.14)
    awesome_print (1.1.0)
    bcrypt-ruby (3.1.1)
    better_errors (0.9.0)
      coderay (>= 1.0.0)
      erubis (>= 2.6.6)
    binding_of_caller (0.7.2)
      debug_inspector (>= 0.0.1)
    builder (3.1.4)
    capybara (2.1.0)
      mime-types (>= 1.16)
      nokogiri (>= 1.3.3)
      rack (>= 1.0.0)
      rack-test (>= 0.5.4)
      xpath (~> 2.0)
    celluloid (0.15.2)
      timers (~> 1.1.0)
    cld (0.7.0)
      ffi
    cliver (0.2.2)
    coderay (1.0.9)
    coffee-rails (4.0.0)
      coffee-script (>= 2.2.0)
      railties (>= 4.0.0.beta, < 5.0)
    coffee-script (2.2.0)
      coffee-script-source
      execjs
    coffee-script-source (1.6.3)
    connection_pool (1.1.0)
    daemons (1.1.9)
    database_cleaner (1.2.0)
    debug_inspector (0.0.2)
    devise (3.0.3)
      bcrypt-ruby (~> 3.0)
      orm_adapter (~> 0.1)
      railties (>= 3.2.6, < 5)
      warden (~> 1.2.3)
    diff-lcs (1.2.5)
    enumerize (0.6.1)
      activesupport (>= 3.2)
    erubis (2.7.0)
    eventmachine (1.0.3)
    execjs (1.4.0)
      multi_json (~> 1.0)
    factory_girl (4.3.0)
      activesupport (>= 3.0.0)
    factory_girl_rails (4.3.0)
      factory_girl (~> 4.3.0)
      railties (>= 3.0.0)
    ffi (1.9.0)
    flutie (2.0.0)
    font-awesome-sass (3.2.1.4)
      sass-rails (>= 3.1.1)
    haml (4.0.4)
      tilt
    hike (1.2.3)
    i18n (0.6.5)
    jbuilder (1.5.0)
      activesupport (>= 3.0.0)
      multi_json (>= 1.2.0)
    jquery-rails (3.0.4)
      railties (>= 3.0, < 5.0)
      thor (>= 0.14, < 2.0)
    json (1.8.1)
    mail (2.5.4)
      mime-types (~> 1.16)
      treetop (~> 1.4.8)
    mailcatcher (0.2.4)
      eventmachine
      haml
      i18n
      json
      mail
      sinatra
      skinny (>= 0.1.2)
      sqlite3-ruby
      thin
    method_source (0.8.2)
    mime-types (1.25)
    mini_portile (0.5.2)
    minitest (4.7.5)
    multi_json (1.8.2)
    mysql2 (0.3.13)
    nokogiri (1.6.0)
      mini_portile (~> 0.5.0)
    nyan-cat-formatter (0.5.2)
      rspec (>= 2.13)
    orm_adapter (0.4.0)
    poltergeist (1.4.1)
      capybara (~> 2.1.0)
      cliver (~> 0.2.1)
      multi_json (~> 1.0)
      websocket-driver (>= 0.2.0)
    polyglot (0.3.3)
    pry (0.9.12.2)
      coderay (~> 1.0.5)
      method_source (~> 0.8)
      slop (~> 3.4)
    pry-rails (0.3.2)
      pry (>= 0.9.10)
    quiet_assets (1.0.2)
      railties (>= 3.1, < 5.0)
    rack (1.5.2)
    rack-protection (1.5.1)
      rack
    rack-test (0.6.2)
      rack (>= 1.0)
    rails (4.0.1)
      actionmailer (= 4.0.1)
      actionpack (= 4.0.1)
      activerecord (= 4.0.1)
      activesupport (= 4.0.1)
      bundler (>= 1.3.0, < 2.0)
      railties (= 4.0.1)
      sprockets-rails (~> 2.0.0)
    rails_config (0.3.3)
      activesupport (>= 3.0)
    railties (4.0.1)
      actionpack (= 4.0.1)
      activesupport (= 4.0.1)
      rake (>= 0.8.7)
      thor (>= 0.18.1, < 2.0)
    rake (10.1.0)
    redis (3.0.6)
    redis-namespace (1.3.2)
      redis (~> 3.0.4)
    rspec (2.14.1)
      rspec-core (~> 2.14.0)
      rspec-expectations (~> 2.14.0)
      rspec-mocks (~> 2.14.0)
    rspec-core (2.14.7)
    rspec-expectations (2.14.4)
      diff-lcs (>= 1.1.3, < 2.0)
    rspec-mocks (2.14.4)
    rspec-rails (2.14.0)
      actionpack (>= 3.0)
      activesupport (>= 3.0)
      railties (>= 3.0)
      rspec-core (~> 2.14.0)
      rspec-expectations (~> 2.14.0)
      rspec-mocks (~> 2.14.0)
    sass (3.2.10)
    sass-rails (4.0.0)
      railties (>= 4.0.0.beta, < 5.0)
      sass (>= 3.1.10)
      sprockets-rails (~> 2.0.0)
    shoulda-matchers (2.4.0)
      activesupport (>= 3.0.0)
    sidekiq (2.16.1)
      celluloid (>= 0.15.2)
      connection_pool (>= 1.0.0)
      json
      redis (>= 3.0.4)
      redis-namespace (>= 1.3.1)
    sinatra (1.4.4)
      rack (~> 1.4)
      rack-protection (~> 1.4)
      tilt (~> 1.3, >= 1.3.4)
    skinny (0.2.3)
      eventmachine (~> 1.0.0)
      thin (~> 1.5.0)
    slim (2.0.1)
      temple (~> 0.6.6)
      tilt (>= 1.3.3, < 2.1)
    slop (3.4.6)
    spring (0.9.0)
    spring-commands-rspec (1.0.0)
    sprockets (2.10.0)
      hike (~> 1.2)
      multi_json (~> 1.0)
      rack (~> 1.0)
      tilt (~> 1.1, != 1.3.0)
    sprockets-rails (2.0.1)
      actionpack (>= 3.0)
      activesupport (>= 3.0)
      sprockets (~> 2.8)
    sqlite3 (1.3.8)
    sqlite3-ruby (1.3.3)
      sqlite3 (>= 1.3.3)
    temple (0.6.6)
    thin (1.5.1)
      daemons (>= 1.0.9)
      eventmachine (>= 0.12.6)
      rack (>= 1.0.0)
    thor (0.18.1)
    thread_safe (0.1.3)
      atomic
    tilt (1.4.1)
    timers (1.1.0)
    treetop (1.4.15)
      polyglot
      polyglot (>= 0.3.1)
    tzinfo (0.3.38)
    uglifier (2.1.2)
      execjs (>= 0.3.0)
      multi_json (~> 1.0, >= 1.0.2)
    warden (1.2.3)
      rack (>= 1.0)
    websocket-driver (0.3.0)
    xpath (2.0.0)
      nokogiri (~> 1.3)

PLATFORMS
  ruby

DEPENDENCIES
  awesome_print
  better_errors
  binding_of_caller
  capybara
  cld
  coffee-rails
  database_cleaner
  devise
  enumerize
  factory_girl_rails
  flutie
  font-awesome-sass
  http_accept_language!
  jbuilder
  jquery-rails
  mailcatcher
  mysql2
  nyan-cat-formatter
  poltergeist
  pry-rails
  quiet_assets
  rails (= 4.0.1)
  rails_config
  rspec-rails
  sass-rails
  shoulda-matchers
  sidekiq
  slim
  spring
  spring-commands-rspec
  thin
  uglifier
